GEM
  remote: https://rubygems.org/
  specs:
    backports (3.0.3)
    columnize (0.3.6)
    debugger (1.3.3)
      columnize (>= 0.3.1)
      debugger-linecache (~> 1.1.1)
      debugger-ruby_core_source (~> 1.2.0)
    debugger-linecache (1.1.2)
      debugger-ruby_core_source (>= 1.1.1)
    debugger-ruby_core_source (1.2.0)
    eventmachine (1.0.0)
    haml (4.0.0)
      tilt
    rack (1.5.2)
    rack-protection (1.3.2)
      rack
    rack-test (0.6.2)
      rack (>= 1.0)
    sinatra (1.3.5)
      rack (~> 1.4)
      rack-protection (~> 1.3)
      tilt (~> 1.3, >= 1.3.3)
    sinatra-contrib (1.3.2)
      backports (>= 2.0)
      eventmachine
      rack-protection
      rack-test
      sinatra (~> 1.3.0)
      tilt (~> 1.3)
    tilt (1.3.3)
    timecop (0.5.9.2)

PLATFORMS
  ruby

DEPENDENCIES
  debugger
  haml
  sinatra (~> 1.3.4)
  sinatra-contrib (~> 1.3.2)
  timecop
